PATH
  remote: ../../../../../fwr
  specs:
    faktory_worker_ruby (0.6.1)
      connection_pool (~> 2.2, >= 2.2.1)

GEM
  remote: https://rubygems.org/
  specs:
    connection_pool (2.2.1)

PLATFORMS
  ruby

DEPENDENCIES
  faktory_worker_ruby!

BUNDLED WITH
   1.16.0
